Brain Vision Data Exchange Header File Version 1.0
; Data created by the Vision Recorder

[Common Infos]
Codepage=UTF-8
DataFile=fl0014.eeg
MarkerFile=fl0014.vmrk
DataFormat=BINARY
; Data orientation: MULTIPLEXED=ch1,pt1, ch2,pt1 ...
DataOrientation=MULTIPLEXED
NumberOfChannels=34
; Sampling interval in microseconds
SamplingInterval=2000

[Binary Infos]
BinaryFormat=IEEE_FLOAT_32

[Channel Infos]
; Each entry: Ch<Channel number>=<Name>,<Reference channel name>,
; <Resolution in "Unit">,<Unit>, Future extensions..
; Fields are delimited by commas, some fields might be omitted (empty).
; Commas in channel names are coded as "\1".
Ch1=Fp1,,0.0715,µV
Ch2=Fp2,,0.0715,µV
Ch3=F7,,0.0715,µV
Ch4=F3,,0.0715,µV
Ch5=Fz,,0.0715,µV
Ch6=F4,,0.0715,µV
Ch7=F8,,0.0715,µV
Ch8=FT9,,0.0715,µV
Ch9=FC5,,0.0715,µV
Ch10=FC1,,0.0715,µV
Ch11=FC2,,0.0715,µV
Ch12=FC6,,0.0715,µV
Ch13=FT10,,0.0715,µV
Ch14=T7,,0.0715,µV
Ch15=C3,,0.0715,µV
Ch16=Cz,,0.0715,µV
Ch17=C4,,0.0715,µV
Ch18=T8,,0.0715,µV
Ch19=TP9,,0.0715,µV
Ch20=CP5,,0.0715,µV
Ch21=CP1,,0.0715,µV
Ch22=CP2,,0.0715,µV
Ch23=CP6,,0.0715,µV
Ch24=CP10,,0.0715,µV
Ch25=P7,,0.0715,µV
Ch26=P3,,0.0715,µV
Ch27=Pz,,0.0715,µV
Ch28=P4,,0.0715,µV
Ch29=P8,,0.0715,µV
Ch30=O1,,0.0715,µV
Ch31=Oz,,0.0715,µV
Ch32=O2,,0.0715,µV
Ch33=VEOG,,0.0715,µV
Ch34=HEOG,,0.0715,µV

[Comment]

A m p l i f i e r  S e t u p
============================
Number of channels: 34
Sampling Rate [Hz]: 500
Sampling Interval [µS]: 2000

Channels
--------
#     Name      Phys. Chn.    Resolution / Unit   Low Cutoff [s]   High Cutoff [Hz]   Notch [Hz]
1     Fp1         1             0.0715 µV             DC              140              Off
2     Fp2         2             0.0715 µV             DC              140              Off
3     F7          3             0.0715 µV             DC              140              Off
4     F3          4             0.0715 µV             DC              140              Off
5     Fz          5             0.0715 µV             DC              140              Off
6     F4          6             0.0715 µV             DC              140              Off
7     F8          7             0.0715 µV             DC              140              Off
8     FT9         8             0.0715 µV             DC              140              Off
9     FC5         9             0.0715 µV             DC              140              Off
10    FC1         10            0.0715 µV             DC              140              Off
11    FC2         11            0.0715 µV             DC              140              Off
12    FC6         12            0.0715 µV             DC              140              Off
13    FT10        13            0.0715 µV             DC              140              Off
14    T7          14            0.0715 µV             DC              140              Off
15    C3          15            0.0715 µV             DC              140              Off
16    Cz          16            0.0715 µV             DC              140              Off
17    C4          17            0.0715 µV             DC              140              Off
18    T8          18            0.0715 µV             DC              140              Off
19    TP9         19            0.0715 µV             DC              140              Off
20    CP5         20            0.0715 µV             DC              140              Off
21    CP1         21            0.0715 µV             DC              140              Off
22    CP2         22            0.0715 µV             DC              140              Off
23    CP6         23            0.0715 µV             DC              140              Off
24    CP10        24            0.0715 µV             DC              140              Off
25    P7          25            0.0715 µV             DC              140              Off
26    P3          26            0.0715 µV             DC              140              Off
27    Pz          27            0.0715 µV             DC              140              Off
28    P4          28            0.0715 µV             DC              140              Off
29    P8          29            0.0715 µV             DC              140              Off
30    O1          30            0.0715 µV             DC              140              Off
31    Oz          31            0.0715 µV             DC              140              Off
32    O2          32            0.0715 µV             DC              140              Off
33    VEOG        33            0.0715 µV             DC              140              Off
34    HEOG        34            0.0715 µV             DC              140              Off

S o f t w a r e  F i l t e r s
==============================
Disabled


Impedance [kOhm] at 10:11:47 :
Fp1:          0
Fp2:          2
F7:           2
F3:           2
Fz:           2
F4:           4
F8:           2
FT9:      Out of Range!
FC5:          3
FC1:          3
FC2:          2
FC6:          3
FT10:     Out of Range!
T7:           2
C3:           4
Cz:           2
C4:           3
T8:           2
TP9:      Out of Range!
CP5:          3
CP1:          4
CP2:          2
CP6:          2
CP10:     Out of Range!
P7:           2
P3:           4
Pz:           3
P4:           1
P8:           3
O1:           3
Oz:           2
O2:           1
VEOG:     Out of Range!
HEOG:     Out of Range!
