Brain Vision Data Exchange Header File Version 1.0
; Data created from history path: 20130723TU/Raw Data

[Common Infos]
Codepage=UTF-8
DataFile=data.dat
DataFormat=ASCII
; Data orientation: VECTORIZED=ch1,pt1, ch1,pt2..., MULTIPLEXED=ch1,pt1, ch2,pt1 ...
DataOrientation=MULTIPLEXED
DataType=TIMEDOMAIN
NumberOfChannels=40
DataPoints=93040
; Sampling interval in microseconds if time domain (convert to Hertz:
; 1000000 / SamplingInterval) or in Hertz if frequency domain:
SamplingInterval=1000

[ASCII Infos]
; Decimal symbol for floating point numbers: the header file always uses a dot (.),
; however the data file might use a different one
DecimalSymbol=.
; SkipLines, SkipColumns: leading lines and columns with additional informations.
SkipLines=1
SkipColumns=0

[Channel Infos]
; Each entry: Ch<Channel number>=<Name>,<Reference channel name>,
; <Resolution in "Unit">,<Unit>, Future extensions...
; Fields are delimited by commas, some fields might be omited (empty).
; Commas in channel names are coded as "\1".
Ch1=F5,,,µV
Ch2=F3,,,µV
Ch3=F1,,,µV
Ch4=Fz,,,µV
Ch5=F2,,,µV
Ch6=F4,,,µV
Ch7=F6,,,µV
Ch8=P1,,,µV
Ch9=FC5,,,µV
Ch10=FC3,,,µV
Ch11=FC1,,,µV
Ch12=FCz,,,µV
Ch13=FC2,,,µV
Ch14=FC4,,,µV
Ch15=FC6,,,µV
Ch16=Pz,,,µV
Ch17=C5,,,µV
Ch18=C3,,,µV
Ch19=C1,,,µV
Ch20=Cz,,,µV
Ch21=C2,,,µV
Ch22=C4,,,µV
Ch23=C6,,,µV
Ch24=P2,,,µV
Ch25=CP5,,,µV
Ch26=CP3,,,µV
Ch27=CP1,,,µV
Ch28=CPz,,,µV
Ch29=CP2,,,µV
Ch30=CP4,,,µV
Ch31=CP6,,,µV
Ch32=POz,,,µV
Ch33=HEOG,,,µV
Ch34=VEOG,,,µV
Ch35=Left TA,,,µV
Ch36=Right TA,,,µV
Ch37=Left Heel,,,µV
Ch38=Left Toe,,,µV
Ch39=Right Heel,,,µV
Ch40=Right Toe,,,µV

[Coordinates]
; Each entry: Ch<Channel number>=<Radius>,<Theta>,<Phi>
Ch1=1,-74,-41
Ch2=1,-60,-51
Ch3=1,-49,-68
Ch4=1,45,90
Ch5=1,49,68
Ch6=1,60,51
Ch7=1,74,41
Ch8=1,-49,68
Ch9=1,-69,-21
Ch10=1,-49,-29
Ch11=1,-31,-46
Ch12=1,23,90
Ch13=1,31,46
Ch14=1,49,29
Ch15=1,69,21
Ch16=1,45,-90
Ch17=1,-68,0
Ch18=1,-45,0
Ch19=1,-23,0
Ch20=1,0,0
Ch21=1,23,0
Ch22=1,45,0
Ch23=1,68,0
Ch24=1,49,-68
Ch25=1,-69,21
Ch26=1,-49,29
Ch27=1,-31,46
Ch28=1,22,-90
Ch29=1,31,-46
Ch30=1,49,-29
Ch31=1,69,-21
Ch32=1,67,-90
Ch33=0,0,0
Ch34=0,0,0
Ch35=0,0,0
Ch36=0,0,0
Ch37=0,0,0
Ch38=0,0,0
Ch39=0,0,0
Ch40=0,0,0
